PATH
  remote: .
  specs:
    solargraph-sample (0.0.1)
      solargraph

GEM
  specs:
    ast (2.4.0)
    mustermann (1.0.2)
    parser (2.5.1.0)
      ast (~> 2.4.0)
    rack (2.0.4)
    rack-protection (2.0.1)
      rack
    sinatra (2.0.1)
      mustermann (~> 1.0)
      rack (~> 2.0)
      rack-protection (= 2.0.1)
      tilt (~> 2.0)
    solargraph (0.17.3)
      bundler (~> 1.14)
      parser (~> 2.4)
      sinatra (~> 2)
      thor (~> 0.19, >= 0.19.4)
      yard (~> 0.9)
    thor (0.20.3)
    tilt (2.0.8)
    yard (0.9.12)

PLATFORMS
  ruby

DEPENDENCIES
  solargraph
  solargraph-sample!

BUNDLED WITH
   1.16.6
