GIT
  remote: https://github.com/castwide/solargraph.git
  revision: eec13f686e602bbbd5caab60cdfcb4c4c8d71a1a
  specs:
    solargraph (0.30.3)
      backport (~> 0.2)
      htmlentities (~> 4.3, >= 4.3.4)
      kramdown (~> 1.16)
      parser (~> 2.3)
      reverse_markdown (~> 1.0, >= 1.0.5)
      rubocop (~> 0.52)
      thor (~> 0.19, >= 0.19.4)
      tilt (~> 2.0)
      yard (~> 0.9)

PATH
  remote: .
  specs:
    solargraph-sample (0.0.1)

GEM
  remote: https://rubygems.org/
  specs:
    ast (2.4.0)
    backport (0.3.0)
    coderay (1.1.2)
    htmlentities (4.3.4)
    jaro_winkler (1.5.2)
    kramdown (1.17.0)
    method_source (0.9.2)
    mini_portile2 (2.4.0)
    nokogiri (1.10.0)
      mini_portile2 (~> 2.4.0)
    parallel (1.12.1)
    parser (2.5.3.0)
      ast (~> 2.4.0)
    powerpack (0.1.2)
    pry (0.12.2)
      coderay (~> 1.1.0)
      method_source (~> 0.9.0)
    rainbow (3.0.0)
    reverse_markdown (1.1.0)
      nokogiri
    rubocop (0.62.0)
      jaro_winkler (~> 1.5.1)
      parallel (~> 1.10)
      parser (>= 2.5, != 2.5.1.1)
      powerpack (~> 0.1)
      rainbow (>= 2.2.2, < 4.0)
      ruby-progressbar (~> 1.7)
      unicode-display_width (~> 1.4.0)
    ruby-progressbar (1.10.0)
    thor (0.20.3)
    tilt (2.0.9)
    unicode-display_width (1.4.1)
    yard (0.9.16)

PLATFORMS
  ruby

DEPENDENCIES
  pry
  solargraph!
  solargraph-sample!

BUNDLED WITH
   1.16.6
